GEM
  remote: https://rubygems.org/
  specs:
    activemodel (4.2.6)
      activesupport (= 4.2.6)
      builder (~> 3.1)
    activerecord (4.2.6)
      activemodel (= 4.2.6)
      activesupport (= 4.2.6)
      arel (~> 6.0)
    activesupport (4.2.6)
      i18n (~> 0.7)
      json (~> 1.7, >= 1.7.7)
      minitest (~> 5.1)
      thread_safe (~> 0.3, >= 0.3.4)
      tzinfo (~> 1.1)
    addressable (2.4.0)
    arel (6.0.3)
    builder (3.2.2)
    chronic (0.10.2)
    daemons (1.2.3)
    erubis (2.7.0)
    eventmachine (1.2.0.1)
    faraday (0.9.2)
      multipart-post (>= 1.2, < 3)
    hashie (3.4.4)
    http_router (0.11.2)
      rack (>= 1.0.0)
      url_mount (~> 0.2.1)
    i18n (0.7.0)
    json (1.8.3)
    jwt (1.5.1)
    mail (2.6.4)
      mime-types (>= 1.16, < 4)
    mime-types (2.99.2)
    minitest (5.9.0)
    moneta (0.7.20)
    multi_json (1.12.1)
    multi_xml (0.5.5)
    multipart-post (2.0.0)
    oauth2 (1.1.0)
      faraday (>= 0.8, < 0.10)
      jwt (~> 1.0, < 1.5.2)
      multi_json (~> 1.3)
      multi_xml (~> 0.5)
      rack (>= 1.2, < 3)
    octokit (4.3.0)
      sawyer (~> 0.7.0, >= 0.5.3)
    oj (2.15.0)
    omniauth (1.3.1)
      hashie (>= 1.2, < 4)
      rack (>= 1.0, < 3)
    omniauth-github (1.1.2)
      omniauth (~> 1.0)
      omniauth-oauth2 (~> 1.1)
    omniauth-oauth2 (1.4.0)
      oauth2 (~> 1.0)
      omniauth (~> 1.2)
    padrino (0.12.7)
      padrino-admin (= 0.12.7)
      padrino-cache (= 0.12.7)
      padrino-core (= 0.12.7)
      padrino-gen (= 0.12.7)
      padrino-helpers (= 0.12.7)
      padrino-mailer (= 0.12.7)
      padrino-support (= 0.12.7)
    padrino-admin (0.12.7)
      padrino-core (= 0.12.7)
      padrino-helpers (= 0.12.7)
    padrino-cache (0.12.7)
      moneta (~> 0.7.0)
      padrino-core (= 0.12.7)
      padrino-helpers (= 0.12.7)
    padrino-core (0.12.7)
      activesupport (>= 3.1)
      http_router (~> 0.11.0)
      padrino-support (= 0.12.7)
      rack (< 1.6.0)
      rack-protection (>= 1.5.0)
      sinatra (~> 1.4.2)
      thor (~> 0.18)
    padrino-gen (0.12.7)
      bundler (~> 1.0)
      padrino-core (= 0.12.7)
    padrino-helpers (0.12.7)
      i18n (~> 0.6, >= 0.6.7)
      padrino-support (= 0.12.7)
      tilt (~> 1.4.1)
    padrino-mailer (0.12.7)
      mail (~> 2.5)
      mime-types (< 3)
      padrino-core (= 0.12.7)
    padrino-support (0.12.7)
      activesupport (>= 3.1)
    pg (0.18.4)
    rack (1.5.5)
    rack-protection (1.5.3)
      rack
    rack-test (0.6.3)
      rack (>= 1.0)
    rake (11.1.2)
    redcarpet (3.3.4)
    sass (3.4.22)
    sawyer (0.7.0)
      addressable (>= 2.3.5, < 2.5)
      faraday (~> 0.8, < 0.10)
    shotgun (0.9.1)
      rack (>= 1.0)
    sinatra (1.4.7)
      rack (~> 1.5)
      rack-protection (~> 1.4)
      tilt (>= 1.3, < 3)
    thin (1.6.4)
      daemons (~> 1.0, >= 1.0.9)
      eventmachine (~> 1.0, >= 1.0.4)
      rack (~> 1.0)
    thor (0.19.1)
    thread_safe (0.3.5)
    tilt (1.4.1)
    tzinfo (1.2.2)
      thread_safe (~> 0.1)
    url_mount (0.2.1)
      rack

PLATFORMS
  ruby

DEPENDENCIES
  activerecord (>= 3.1)
  chronic
  erubis (~> 2.7.0)
  minitest
  octokit
  oj
  omniauth-github
  padrino (~> 0.12.4)
  pg
  rack-test
  rake
  redcarpet
  sass
  shotgun
  sinatra
  thin

BUNDLED WITH
   1.11.2
